ObjectType = Image

NDims = 3

BinaryData = True

BinaryDataByteOrderMSB = False

CompressedData = False

TransformMatrix = 1 0 0 0 1 0 0 0 1

Offset = 0 0 0

CenterOfRotation = 0 0 0

AnatomicalOrientation = RPI

ElementSize = 1 1 1

ElementSpacing = 1 1 1

DimSize = 256 256 1

ElementType = MET_SHORT

ElementDataFile = Target.raw


